PATH
  remote: ../raktoto
  specs:
    toto (0.4.9)
      builder
      rack
      rdiscount

GEM
  remote: http://rubygems.org/
  specs:
    builder (3.2.2)
    rack (1.6.0)
    rdiscount (2.1.8)

PLATFORMS
  ruby

DEPENDENCIES
  builder
  rdiscount
  toto!
