GEM
  remote: http://rubygems.org/
  specs:
    builder (3.2.2)
    rack (1.6.0)
    rdiscount (2.1.8)
    toto (0.4.9)
      builder
      rack
      rdiscount

PLATFORMS
  ruby

DEPENDENCIES
  builder
  rdiscount
  toto
